GEM
  remote: https://rubygems.org/
  specs:
    json (1.8.1)
    mqtt (0.1.0)

PLATFORMS
  ruby

DEPENDENCIES
  json
  mqtt
